PATH
  remote: .
  specs:
    as2 (0.2.3)
      mail
      rack

GEM
  remote: https://rubygems.org/
  specs:
    daemons (1.2.3)
    eventmachine (1.0.8)
    mail (2.6.3)
      mime-types (>= 1.16, < 3)
    mime-types (2.6.2)
    minitest (5.8.1)
    rack (1.6.4)
    rake (10.4.2)
    thin (1.6.4)
      daemons (~> 1.0, >= 1.0.9)
      eventmachine (~> 1.0, >= 1.0.4)
      rack (~> 1.0)

PLATFORMS
  ruby

DEPENDENCIES
  as2!
  bundler (~> 1.10)
  minitest
  rake (~> 10.0)
  thin

BUNDLED WITH
   1.10.6
