PATH
  remote: .
  specs:
    as2 (0.1.0)

GEM
  remote: https://rubygems.org/
  specs:
    minitest (5.8.1)
    rake (10.4.2)

PLATFORMS
  ruby

DEPENDENCIES
  as2!
  bundler (~> 1.10)
  minitest
  rake (~> 10.0)

BUNDLED WITH
   1.10.6
